PATH
  remote: .
  specs:
    selenium-devtools (0.120.0)
      selenium-webdriver (~> 4.2)
    selenium-webdriver (4.17.0.nightly)
      rexml (~> 3.2, >= 3.2.5)
      rubyzip (>= 1.2.2, < 3.0)
      websocket (~> 1.0)

GEM
  remote: https://rubygems.org/
  specs:
    abbrev (0.1.1)
    activesupport (7.1.2)
      base64
      bigdecimal
      concurrent-ruby (~> 1.0, >= 1.0.2)
      connection_pool (>= 2.2.5)
      drb
      i18n (>= 1.6, < 2)
      minitest (>= 5.1)
      mutex_m
      tzinfo (~> 2.0)
    addressable (2.8.5)
      public_suffix (>= 2.0.2, < 6.0)
    ast (2.4.2)
    base64 (0.2.0)
    bigdecimal (3.1.4)
    bigdecimal (3.1.4-java)
    concurrent-ruby (1.2.2)
    connection_pool (2.4.1)
    crack (0.4.5)
      rexml
    csv (3.2.8)
    debug (1.8.0)
      irb (>= 1.5.0)
      reline (>= 0.3.1)
    diff-lcs (1.5.0)
    drb (2.2.0)
      ruby2_keywords
    ffi (1.16.3)
    ffi (1.16.3-java)
    ffi (1.16.3-x64-mingw32)
    fileutils (1.7.2)
    hashdiff (1.0.1)
    i18n (1.14.1)
      concurrent-ruby (~> 1.0)
    io-console (0.6.0)
    io-console (0.6.0-java)
    irb (1.9.0)
      rdoc
      reline (>= 0.3.8)
    jar-dependencies (0.4.1)
    json (2.6.3)
    json (2.6.3-java)
    language_server-protocol (3.17.0.3)
    listen (3.8.0)
      rb-fsevent (~> 0.10, >= 0.10.3)
      rb-inotify (~> 0.9, >= 0.9.10)
    logger (1.6.0)
    minitest (5.20.0)
    mutex_m (0.2.0)
    parallel (1.23.0)
    parser (3.2.2.4)
      ast (~> 2.4.1)
      racc
    psych (5.1.1.1)
      stringio
    psych (5.1.1.1-java)
      jar-dependencies (>= 0.1.7)
    public_suffix (5.0.4)
    racc (1.7.3)
    racc (1.7.3-java)
    rack (2.2.8.1)
    rainbow (3.1.1)
    rake (13.1.0)
    rb-fsevent (0.11.2)
    rb-inotify (0.10.1)
      ffi (~> 1.0)
    rbs (3.3.2)
      abbrev
    rdoc (6.6.0)
      psych (>= 4.0.0)
    regexp_parser (2.8.2)
    reline (0.4.0)
      io-console (~> 0.5)
    rexml (3.2.6)
    rspec (3.12.0)
      rspec-core (~> 3.12.0)
      rspec-expectations (~> 3.12.0)
      rspec-mocks (~> 3.12.0)
    rspec-core (3.12.2)
      rspec-support (~> 3.12.0)
    rspec-expectations (3.12.3)
      diff-lcs (>= 1.2.0, < 2.0)
      rspec-support (~> 3.12.0)
    rspec-mocks (3.12.6)
      diff-lcs (>= 1.2.0, < 2.0)
      rspec-support (~> 3.12.0)
    rspec-support (3.12.1)
    rubocop (1.57.2)
      json (~> 2.3)
      language_server-protocol (>= 3.17.0)
      parallel (~> 1.10)
      parser (>= 3.2.2.4)
      rainbow (>= 2.2.2, < 4.0)
      regexp_parser (>= 1.8, < 3.0)
      rexml (>= 3.2.5, < 4.0)
      rubocop-ast (>= 1.28.1, < 2.0)
      ruby-progressbar (~> 1.7)
      unicode-display_width (>= 2.4.0, < 3.0)
    rubocop-ast (1.30.0)
      parser (>= 3.2.1.0)
    rubocop-capybara (2.19.0)
      rubocop (~> 1.41)
    rubocop-factory_bot (2.24.0)
      rubocop (~> 1.33)
    rubocop-performance (1.19.1)
      rubocop (>= 1.7.0, < 2.0)
      rubocop-ast (>= 0.4.0)
    rubocop-rspec (2.25.0)
      rubocop (~> 1.40)
      rubocop-capybara (~> 2.17)
      rubocop-factory_bot (~> 2.22)
    ruby-progressbar (1.13.0)
    ruby2_keywords (0.0.5)
    rubyzip (2.3.2)
    securerandom (0.3.0)
    steep (1.5.3)
      activesupport (>= 5.1)
      concurrent-ruby (>= 1.1.10)
      csv (>= 3.0.9)
      fileutils (>= 1.1.0)
      json (>= 2.1.0)
      language_server-protocol (>= 3.15, < 4.0)
      listen (~> 3.0)
      logger (>= 1.3.0)
      parser (>= 3.1)
      rainbow (>= 2.2.2, < 4.0)
      rbs (>= 3.1.0)
      securerandom (>= 0.1)
      strscan (>= 1.0.0)
      terminal-table (>= 2, < 4)
    stringio (3.0.9)
    strscan (3.0.7)
    strscan (3.0.7-java)
    terminal-table (3.0.2)
      unicode-display_width (>= 1.1.1, < 3)
    tzinfo (2.0.6)
      concurrent-ruby (~> 1.0)
    unicode-display_width (2.5.0)
    webmock (3.19.1)
      addressable (>= 2.8.0)
      crack (>= 0.3.2)
      hashdiff (>= 0.4.0, < 2.0.0)
    webrick (1.8.1)
    websocket (1.2.10)
    yard (0.9.34)

PLATFORMS
  java
  ruby
  universal-java-1.8
  universal-java-17
  universal-java-18
  x64-mingw32

DEPENDENCIES
  debug (~> 1.7)
  rack (~> 2.0)
  rake (~> 13.0)
  rspec (~> 3.0)
  rubocop (~> 1.42)
  rubocop-performance (~> 1.15)
  rubocop-rspec (~> 2.16)
  selenium-devtools!
  selenium-webdriver!
  steep (~> 1.5.0)
  webmock (~> 3.5)
  webrick (~> 1.7)
  yard (~> 0.9.11)

BUNDLED WITH
   2.3.11
